GEM
  remote: https://rubygems.org/
  specs:
    filewatcher (0.2.0)
      trollop (>= 1.16.2)
    haml (4.0.3)
      tilt
    sass (3.2.12)
    tilt (1.4.1)
    trollop (2.0)

PLATFORMS
  ruby

DEPENDENCIES
  filewatcher
  haml
  sass
